GEM
  remote: https://rubygems.org/
  specs:
    diff-lcs (1.3)
    rack (3.0.7)
    rack-test (2.1.0)
      rack (>= 1.3)
    rspec (3.8.0)
      rspec-core (~> 3.8.0)
      rspec-expectations (~> 3.8.0)
      rspec-mocks (~> 3.8.0)
    rspec-core (3.8.0)
      rspec-support (~> 3.8.0)
    rspec-expectations (3.8.2)
      diff-lcs (>= 1.2.0, < 2.0)
      rspec-support (~> 3.8.0)
    rspec-mocks (3.8.0)
      diff-lcs (>= 1.2.0, < 2.0)
      rspec-support (~> 3.8.0)
    rspec-support (3.8.0)

PLATFORMS
  ruby

DEPENDENCIES
  rack (>= 3.0.0)
  rack-test (>= 2.0.0)
  rspec

BUNDLED WITH
   2.1.4
